GIT
  remote: https://github.com/uklibraries/bagit.git
  revision: 7d8bfa563b14005f37f85e67f7dc7805f06b15b1
  specs:
    bagit (0.3.3)
      docopt (~> 0.5.0)
      validatable (~> 1.6)

GEM
  remote: https://rubygems.org/
  specs:
    docopt (0.5.0)
    mini_portile (0.6.0)
    mono_logger (1.1.0)
    multi_json (1.10.1)
    net-ssh (2.6.8)
    nokogiri (1.6.3.1)
      mini_portile (= 0.6.0)
    pairtree (0.1.0)
    rack (1.5.2)
    rack-protection (1.5.1)
      rack
    rake (10.3.2)
    redis (3.0.6)
    redis-namespace (1.4.1)
      redis (~> 3.0.4)
    resque (1.25.1)
      mono_logger (~> 1.0)
      multi_json (~> 1.0)
      redis-namespace (~> 1.2)
      sinatra (>= 0.9.2)
      vegas (~> 0.1.2)
    sinatra (1.4.4)
      rack (~> 1.4)
      rack-protection (~> 1.4)
      tilt (~> 1.3, >= 1.3.4)
    tilt (1.4.1)
    trollop (2.0)
    validatable (1.6.7)
    vegas (0.1.11)
      rack (>= 1.0.0)

PLATFORMS
  ruby

DEPENDENCIES
  bagit!
  net-ssh
  nokogiri
  pairtree
  rack
  rake
  resque
  trollop
